PATH
  remote: .
  specs:
    primus (0.0.0)
      oxford_dictionary (~> 3.0)
      thor (~> 1.2)

GEM
  remote: https://rubygems.org/
  specs:
    coderay (1.1.3)
    diff-lcs (1.5.0)
    docile (1.4.0)
    method_source (1.0.0)
    numeric_inverse (0.1.0)
    oxford_dictionary (3.0.0)
    pry (0.14.1)
      coderay (~> 1.1)
      method_source (~> 1.0)
    psych (4.0.3)
      stringio
    rake (13.0.6)
    rspec (3.10.0)
      rspec-core (~> 3.10.0)
      rspec-expectations (~> 3.10.0)
      rspec-mocks (~> 3.10.0)
    rspec-core (3.10.1)
      rspec-support (~> 3.10.0)
    rspec-expectations (3.10.1)
      diff-lcs (>= 1.2.0, < 2.0)
      rspec-support (~> 3.10.0)
    rspec-mocks (3.10.2)
      diff-lcs (>= 1.2.0, < 2.0)
      rspec-support (~> 3.10.0)
    rspec-support (3.10.3)
    simplecov (0.21.2)
      docile (~> 1.1)
      simplecov-html (~> 0.11)
      simplecov_json_formatter (~> 0.1)
    simplecov-html (0.12.3)
    simplecov_json_formatter (0.1.4)
    stringio (3.0.1)
    thor (1.2.1)

PLATFORMS
  ruby

DEPENDENCIES
  bundler (~> 2.1)
  numeric_inverse (~> 0.1)
  primus!
  pry (~> 0.14)
  psych (~> 4.0)
  rake (~> 13.0)
  rspec (~> 3.10)
  simplecov (~> 0.2)

BUNDLED WITH
   2.1.4
